PATH
  remote: .
  specs:
    alxtz_palindrome (0.1.0)

GEM
  remote: https://rubygems.org/
  specs:
    ansi (1.5.0)
    builder (3.2.3)
    minitest (5.11.3)
    minitest-reporters (1.2.0)
      ansi
      builder
      minitest (>= 5.0)
      ruby-progressbar
    rake (10.5.0)
    ruby-progressbar (1.10.1)

PLATFORMS
  ruby

DEPENDENCIES
  alxtz_palindrome!
  bundler (~> 1.17)
  minitest (~> 5.0)
  minitest-reporters (= 1.2.0)
  rake (~> 10.0)

BUNDLED WITH
   1.17.3
